PATH
  remote: .
  specs:
    spree_news (1.0.0)

GEM
  remote: http://rubygems.org/
  specs:
    ffaker (1.16.1)

PLATFORMS
  ruby

DEPENDENCIES
  ffaker
  spree_news!
